NUGET
  remote: https://nuget.org/api/v2
  specs:
    FAKE (4.7.2)
HTTP
  remote: https://github.com
  specs:
    fsautocomplete.zip (/fsharp/FsAutoComplete/releases/download/0.23.0/fsautocomplete.zip)